GEM
  remote: http://rubygems.org/
  specs:
    addressable (2.2.8)
    capture_stdout (0.0.1)
    em-websocket (0.3.6)
      addressable (>= 2.1.1)
      eventmachine (>= 0.12.9)
    escape_utils (0.2.4)
    eventmachine (0.12.10)

PLATFORMS
  ruby

DEPENDENCIES
  capture_stdout
  em-websocket
  escape_utils
